PATH
  remote: .
  specs:
    pivotal-hook-proxy (0.0.1)
      httparty (~> 0.8.1)
      rack (~> 1.3.5)

GEM
  remote: http://rubygems.org/
  specs:
    artifice (0.6)
      rack-test
    httparty (0.8.1)
      multi_json
      multi_xml
    minitest (2.6.2)
    multi_json (1.0.3)
    multi_xml (0.4.1)
    rack (1.3.5)
    rack-test (0.6.1)
      rack (>= 1.0)
    rr (1.0.4)

PLATFORMS
  ruby

DEPENDENCIES
  artifice (~> 0.6)
  minitest (~> 2.6.2)
  pivotal-hook-proxy!
  rack-test (~> 0.6.1)
  rr (~> 1.0.4)
